PATH
  remote: .
  specs:
    has_secure_password_argon2 (0.1.0)
      activerecord (>= 4.2.6)
      activesupport (>= 4.2.6)
      argon2 (~> 2.0)

GEM
  remote: https://rubygems.org/
  specs:
    activemodel (5.2.3)
      activesupport (= 5.2.3)
    activerecord (5.2.3)
      activemodel (= 5.2.3)
      activesupport (= 5.2.3)
      arel (>= 9.0)
    activesupport (5.2.3)
      concurrent-ruby (~> 1.0, >= 1.0.2)
      i18n (>= 0.7, < 2)
      minitest (~> 5.1)
      tzinfo (~> 1.1)
    arel (9.0.0)
    argon2 (2.0.2)
      ffi (~> 1.9)
      ffi-compiler (>= 0.1)
    bcrypt (3.1.13)
    concurrent-ruby (1.1.5)
    ffi (1.11.1)
    ffi-compiler (1.0.1)
      ffi (>= 1.0.0)
      rake
    i18n (1.6.0)
      concurrent-ruby (~> 1.0)
    minitest (5.11.3)
    rake (10.5.0)
    sqlite3 (1.4.1)
    thread_safe (0.3.6)
    tzinfo (1.2.5)
      thread_safe (~> 0.1)

PLATFORMS
  ruby

DEPENDENCIES
  bcrypt (~> 3.1)
  bundler (~> 1.17)
  has_secure_password_argon2!
  minitest (~> 5.0)
  rake (~> 10.0)
  sqlite3 (~> 1.3)

BUNDLED WITH
   1.17.2
